GEM
  remote: https://rubygems.org/
  specs:
    base64 (0.3.0)
    bcrypt (3.1.20)
    jwt (2.10.1)
      base64
    rack (3.1.16)
    redcarpet (3.6.1)

PLATFORMS
  x64-mingw-ucrt

DEPENDENCIES
  bcrypt
  jwt
  rack
  redcarpet

BUNDLED WITH
   2.6.9
